GEM
  remote: https://rubygems.org/
  specs:
    rake (11.2.2)
    rubyzip (1.2.0)

PLATFORMS
  ruby

DEPENDENCIES
  rake
  rubyzip

BUNDLED WITH
   1.12.5
